GEM
  remote: https://rubygems.org/
  specs:
    addressable (2.8.1)
      public_suffix (>= 2.0.2, < 6.0)
    asciidoctor (2.0.18)
    asciidoctor-diagram (2.2.3)
      asciidoctor (>= 1.5.7, < 3.x)
      asciidoctor-diagram-ditaamini (~> 1.0)
      asciidoctor-diagram-plantuml (~> 1.2021)
      rexml
    asciidoctor-diagram-ditaamini (1.0.3)
    asciidoctor-diagram-plantuml (1.2022.12)
    asciidoctor_cjk_breaks (0.0.2)
      asciidoctor (~> 2)
      east_asian_width (~> 0)
    colorator (1.1.0)
    concurrent-ruby (1.1.10)
    east_asian_width (0.0.2)
    em-websocket (0.5.3)
      eventmachine (>= 0.12.9)
      http_parser.rb (~> 0)
    eventmachine (1.2.7)
    ffi (1.15.5)
    forwardable-extended (2.6.0)
    http_parser.rb (0.8.0)
    i18n (1.12.0)
      concurrent-ruby (~> 1.0)
    jekyll (4.1.1)
      addressable (~> 2.4)
      colorator (~> 1.0)
      em-websocket (~> 0.5)
      i18n (~> 1.0)
      jekyll-sass-converter (~> 2.0)
      jekyll-watch (~> 2.0)
      kramdown (~> 2.1)
      kramdown-parser-gfm (~> 1.0)
      liquid (~> 4.0)
      mercenary (~> 0.4.0)
      pathutil (~> 0.9)
      rouge (~> 3.0)
      safe_yaml (~> 1.0)
      terminal-table (~> 1.8)
    jekyll-asciidoc (3.0.0)
      asciidoctor (>= 1.5.0)
      jekyll (>= 3.0.0)
    jekyll-feed (0.15.1)
      jekyll (>= 3.7, < 5.0)
    jekyll-paginate (1.1.0)
    jekyll-sass-converter (2.2.0)
      sassc (> 2.0.1, < 3.0)
    jekyll-seo-tag (2.7.1)
      jekyll (>= 3.8, < 5.0)
    jekyll-sitemap (1.4.0)
      jekyll (>= 3.7, < 5.0)
    jekyll-watch (2.2.1)
      listen (~> 3.0)
    kramdown (2.4.0)
      rexml
    kramdown-parser-gfm (1.1.0)
      kramdown (~> 2.0)
    liquid (4.0.3)
    listen (3.7.1)
      rb-fsevent (~> 0.10, >= 0.10.3)
      rb-inotify (~> 0.9, >= 0.9.10)
    mercenary (0.4.0)
    pathutil (0.16.2)
      forwardable-extended (~> 2.6)
    public_suffix (5.0.0)
    rb-fsevent (0.11.2)
    rb-inotify (0.10.1)
      ffi (~> 1.0)
    rexml (3.2.5)
    rouge (3.30.0)
    safe_yaml (1.0.5)
    sassc (2.4.0)
      ffi (~> 1.9)
    terminal-table (1.8.0)
      unicode-display_width (~> 1.1, >= 1.1.1)
    type-on-strap (2.4.4)
      jekyll (>= 3.8, < 5.0)
      jekyll-feed (>= 0.15.1, < 0.16)
      jekyll-paginate (~> 1.1.0)
      jekyll-seo-tag (>= 2.7.1, < 2.8)
    tzinfo (2.0.5)
      concurrent-ruby (~> 1.0)
    tzinfo-data (1.2022.6)
      tzinfo (>= 1.0.0)
    unicode-display_width (1.8.0)
    webrick (1.7.0)

PLATFORMS
  ruby

DEPENDENCIES
  asciidoctor-diagram
  asciidoctor_cjk_breaks
  jekyll (~> 4.1.1)
  jekyll-asciidoc
  jekyll-paginate
  jekyll-sitemap
  type-on-strap
  tzinfo-data
  webrick

BUNDLED WITH
   2.3.15
